GEM
  remote: https://rubygems.org/
  specs:
    activesupport (5.0.0.1)
      concurrent-ruby (~> 1.0, >= 1.0.2)
      i18n (~> 0.7)
      minitest (~> 5.1)
      tzinfo (~> 1.1)
    attr_required (1.0.1)
    concurrent-ruby (1.0.2)
    dotenv (2.1.1)
    exif (1.0.1)
    httpclient (2.8.2.4)
    i18n (0.7.0)
    minitest (5.9.1)
    multi_json (1.12.1)
    rack (2.0.1)
    rack-oauth2 (1.4.0)
      activesupport (>= 2.3)
      attr_required (>= 0.0.5)
      httpclient (>= 2.4)
      multi_json (>= 1.3.6)
      rack (>= 1.1)
    thread_safe (0.3.5)
    tzinfo (1.2.2)
      thread_safe (~> 0.1)

PLATFORMS
  ruby

DEPENDENCIES
  dotenv
  exif
  rack-oauth2

BUNDLED WITH
   1.12.5
